PATH
  remote: .
  specs:
    copy_github_labels (0.1.0)
      colorize
      octokit (~> 4.0)

GEM
  remote: https://rubygems.org/
  specs:
    addressable (2.6.0)
      public_suffix (>= 2.0.2, < 4.0)
    colorize (0.8.1)
    faraday (0.15.4)
      multipart-post (>= 1.2, < 3)
    minitest (5.11.3)
    multipart-post (2.1.1)
    octokit (4.14.0)
      sawyer (~> 0.8.0, >= 0.5.3)
    public_suffix (3.1.1)
    rake (10.5.0)
    sawyer (0.8.2)
      addressable (>= 2.3.5)
      faraday (> 0.8, < 2.0)

PLATFORMS
  ruby

DEPENDENCIES
  bundler (~> 1.17)
  copy_github_labels!
  minitest (~> 5.0)
  rake (~> 10.0)

BUNDLED WITH
   1.17.2
